GEM
  remote: https://rubygems.org/
  specs:
    cardano_wallet (0.3.4)
      httparty (~> 0.18.0)
    httparty (0.18.1)
      mime-types (~> 3.0)
      multi_xml (>= 0.5.2)
    mime-types (3.3.1)
      mime-types-data (~> 3.2015)
    mime-types-data (3.2021.0225)
    multi_xml (0.6.0)
    rake (12.3.3)

PLATFORMS
  ruby

DEPENDENCIES
  cardano_wallet
  rake (~> 12.3)

BUNDLED WITH
   2.1.4
